PATH
  remote: .
  specs:
    mvn2-pushover (1.0.4.3)
      everyday-cli-utils (~> 1.8, >= 1.8.7.1)
      everyday-plugins (~> 1.2, >= 1.2.1)
      rushover (~> 0.3)

GEM
  remote: https://rubygems.org/
  specs:
    domain_name (0.5.20161129)
      unf (>= 0.0.5, < 1.0.0)
    everyday-cli-utils (1.8.7.1)
    everyday-plugins (1.2.1)
      everyday-cli-utils (~> 1.8, >= 1.8.6)
    http-cookie (1.0.3)
      domain_name (~> 0.5)
    json (2.0.2)
    mime-types (3.1)
      mime-types-data (~> 3.2015)
    mime-types-data (3.2016.0521)
    netrc (0.11.0)
    rake (12.0.0)
    rest-client (2.0.0)
      http-cookie (>= 1.0.2, < 2.0)
      mime-types (>= 1.16, < 4.0)
      netrc (~> 0.8)
    rushover (0.3.0)
      json
      rest-client
    unf (0.1.4)
      unf_ext
    unf_ext (0.0.7.2)

PLATFORMS
  ruby

DEPENDENCIES
  bundler
  mvn2-pushover!
  rake

BUNDLED WITH
   1.13.7
