PATH
  remote: .
  specs:
    mvn2-pushover (1.0.4)
      everyday-cli-utils (~> 1.8, >= 1.8.7.1)
      everyday-plugins (~> 1.2, >= 1.2.1)
      pushover (~> 1.0, >= 1.0.4)

GEM
  remote: https://rubygems.org/
  specs:
    bini (0.7.0)
      sys-proctable
    everyday-cli-utils (1.8.7.1)
    everyday-plugins (1.2.1)
      everyday-cli-utils (~> 1.8, >= 1.8.6)
    httparty (0.11.0)
      multi_json (~> 1.0)
      multi_xml (>= 0.5.2)
    multi_json (1.12.1)
    multi_xml (0.5.5)
    pushover (1.0.4)
      bini (= 0.7.0)
      httparty (= 0.11.0)
      yajl-ruby (= 1.1.0)
    rake (11.2.2)
    sys-proctable (1.1.1)
    yajl-ruby (1.1.0)

PLATFORMS
  ruby

DEPENDENCIES
  bundler
  mvn2-pushover!
  rake

BUNDLED WITH
   1.10.6
