PATH
  remote: .
  specs:
    mvn2-pushover (1.0.4.5)
      everyday-cli-utils (~> 1.8, >= 1.8.7.2)
      everyday-plugins (~> 1.2, >= 1.2.2)
      rushover (~> 0.3)

GEM
  remote: https://rubygems.org/
  specs:
    domain_name (0.5.20190701)
      unf (>= 0.0.5, < 1.0.0)
    everyday-cli-utils (1.8.7.2)
    everyday-plugins (1.2.2)
      everyday-cli-utils (~> 1.8, >= 1.8.7.2)
    http-cookie (1.0.3)
      domain_name (~> 0.5)
    json (2.2.0)
    mime-types (3.2.2)
      mime-types-data (~> 3.2015)
    mime-types-data (3.2019.0331)
    netrc (0.11.0)
    rake (12.3.3)
    rest-client (2.0.2)
      http-cookie (>= 1.0.2, < 2.0)
      mime-types (>= 1.16, < 4.0)
      netrc (~> 0.8)
    rushover (0.3.0)
      json
      rest-client
    unf (0.1.4)
      unf_ext
    unf_ext (0.0.7.6)

PLATFORMS
  ruby

DEPENDENCIES
  bundler (~> 2.0)
  mvn2-pushover!
  rake (~> 12.3)

BUNDLED WITH
   2.0.2
